GEM
  remote: https://rubygems.org/
  specs:
    excon (0.25.3)
    heroku-api (0.3.15)
      excon (~> 0.25.1)

PLATFORMS
  ruby

DEPENDENCIES
  heroku-api (~> 0.3.15)
